GEM
  remote: http://rubygems.org/
  specs:
    dotenv (2.2.0)

PLATFORMS
  ruby

DEPENDENCIES
  dotenv

BUNDLED WITH
   1.14.6
